GEM
  remote: https://rubygems.org/
  specs:
    bourbon (4.2.2)
      sass (~> 3.4)
      thor
    daemons (1.2.2)
    ejs (1.1.1)
    eventmachine (1.0.7)
    rack (1.6.0)
    rack-protection (1.5.3)
      rack
    sass (3.4.13)
    sinatra (1.4.6)
      rack (~> 1.4)
      rack-protection (~> 1.4)
      tilt (>= 1.3, < 3)
    sprockets (3.0.1)
      rack (~> 1.0)
    thin (1.6.3)
      daemons (~> 1.0, >= 1.0.9)
      eventmachine (~> 1.0)
      rack (~> 1.0)
    thor (0.19.1)
    tilt (2.0.1)

PLATFORMS
  ruby

DEPENDENCIES
  bourbon
  ejs
  sinatra
  sprockets
  thin
